GEM
  remote: http://rubygems.org/
  specs:
    guess_html_encoding (0.0.5)
    nokogiri (1.5.5)
    rack (1.4.1)
    rack-protection (1.2.0)
      rack
    ruby-readability (0.5.4)
      guess_html_encoding (>= 0.0.4)
      nokogiri (>= 1.4.2)
    sinatra (1.3.3)
      rack (~> 1.3, >= 1.3.6)
      rack-protection (~> 1.2)
      tilt (~> 1.3, >= 1.3.3)
    tilt (1.3.3)

PLATFORMS
  ruby

DEPENDENCIES
  ruby-readability
  sinatra
